NUGET
  remote: https://www.nuget.org/api/v2
  specs:
    FAKE (4.3.4)
    FluentAssertions (3.2.2) - framework: >= net45
    FSharp.Compiler.Service (1.4.0.1)
    FSharp.Core (4.0.0.1) - framework: >= net45
    FSharp.Formatting (2.10.0)
      FSharp.Compiler.Service (>= 0.0.87)
      FSharpVSPowerTools.Core (1.8.0)
    FSharpVSPowerTools.Core (1.8.0)
      FSharp.Compiler.Service (>= 0.0.87)
    ilmerge (2.14.1208)
    Microsoft.Bcl (1.1.10)
      Microsoft.Bcl.Build (>= 1.0.14)
    Microsoft.Bcl.Build (1.0.21) - import_targets: false
    Microsoft.Net.Http (2.2.29)
      Microsoft.Bcl (>= 1.1.10)
      Microsoft.Bcl.Build (>= 1.0.14)
    MSBuild.AutoILMerge.Task (1.0.3)
      ilmerge (>= 2.13.0307)
    Newtonsoft.Json (7.0.1)
    NSubstitute (1.8.1) - framework: >= net45
    Octokit (0.14.0)
      Microsoft.Net.Http
    SourceLink.Fake (1.1.0)
    xunit (2.0.0) - framework: >= net45
      xunit.assert (2.0.0)
      xunit.core (2.0.0)
    xunit.abstractions (2.0.0) - framework: >= net45
    xunit.assert (2.0.0) - framework: >= net45
    xunit.core (2.0.0) - framework: >= net45
      xunit.extensibility.core (2.0.0)
    xunit.extensibility.core (2.0.0) - framework: >= net45
      xunit.abstractions (2.0.0)
    xunit.extensions (2.0.0) - framework: >= net45
      xunit (2.0.0)
    xunit.runner.console (2.0.0)
GITHUB
  remote: fsharp/FAKE
  specs:
    modules/Octokit/Octokit.fsx (43c4800c5f132d2c2d6832a3a59232a64d83d4c0)
      Octokit